GEM
  remote: https://rubygems.org/
  specs:
    activemodel (7.1.2)
      activesupport (= 7.1.2)
    activerecord (7.1.2)
      activemodel (= 7.1.2)
      activesupport (= 7.1.2)
      timeout (>= 0.4.0)
    activesupport (7.1.2)
      base64
      bigdecimal
      concurrent-ruby (~> 1.0, >= 1.0.2)
      connection_pool (>= 2.2.5)
      drb
      i18n (>= 1.6, < 2)
      minitest (>= 5.1)
      mutex_m
      tzinfo (~> 2.0)
    addressable (2.8.5)
      public_suffix (>= 2.0.2, < 6.0)
    base64 (0.2.0)
    bigdecimal (3.1.4)
    chunky_png (1.4.0)
    concurrent-ruby (1.2.2)
    connection_pool (2.4.1)
    declarative (0.0.20)
    digest (3.1.1)
    digest-crc (0.6.5)
      rake (>= 12.0.0, < 14.0.0)
    drb (2.2.0)
      ruby2_keywords
    et-orbi (1.2.7)
      tzinfo
    faraday (2.7.11)
      base64
      faraday-net_http (>= 2.0, < 3.1)
      ruby2_keywords (>= 0.0.4)
    faraday-net_http (3.0.2)
    fugit (1.9.0)
      et-orbi (~> 1, >= 1.2.7)
      raabro (~> 1.4)
    google-apis-core (0.11.2)
      addressable (~> 2.5, >= 2.5.1)
      googleauth (>= 0.16.2, < 2.a)
      httpclient (>= 2.8.1, < 3.a)
      mini_mime (~> 1.0)
      representable (~> 3.0)
      retriable (>= 2.0, < 4.a)
      rexml
      webrick
    google-apis-iamcredentials_v1 (0.17.0)
      google-apis-core (>= 0.11.0, < 2.a)
    google-apis-storage_v1 (0.29.0)
      google-apis-core (>= 0.11.0, < 2.a)
    google-cloud-core (1.6.0)
      google-cloud-env (~> 1.0)
      google-cloud-errors (~> 1.0)
    google-cloud-env (1.6.0)
      faraday (>= 0.17.3, < 3.0)
    google-cloud-errors (1.3.1)
    google-cloud-storage (1.45.0)
      addressable (~> 2.8)
      digest-crc (~> 0.4)
      google-apis-iamcredentials_v1 (~> 0.1)
      google-apis-storage_v1 (~> 0.29.0)
      google-cloud-core (~> 1.6)
      googleauth (>= 0.16.2, < 2.a)
      mini_mime (~> 1.0)
    googleauth (1.8.1)
      faraday (>= 0.17.3, < 3.a)
      jwt (>= 1.4, < 3.0)
      multi_json (~> 1.11)
      os (>= 0.9, < 2.0)
      signet (>= 0.16, < 2.a)
    httpclient (2.8.3)
    i18n (1.14.1)
      concurrent-ruby (~> 1.0)
    jwt (2.7.1)
    mini_mime (1.1.5)
    minitest (5.20.0)
    multi_json (1.15.0)
    mustermann (3.0.0)
      ruby2_keywords (~> 0.0.1)
    mutex_m (0.2.0)
    mysql2 (0.5.5)
    nio4r (2.6.0)
    os (1.1.4)
    public_suffix (5.0.4)
    puma (6.4.0)
      nio4r (~> 2.0)
    raabro (1.4.0)
    rack (2.2.8)
    rack-protection (3.1.0)
      rack (~> 2.2, >= 2.2.4)
    rake (13.1.0)
    representable (3.2.0)
      declarative (< 0.1.0)
      trailblazer-option (>= 0.1.1, < 0.2.0)
      uber (< 0.2.0)
    retriable (3.1.2)
    rexml (3.2.6)
    ruby2_keywords (0.0.5)
    rufus-scheduler (3.9.1)
      fugit (~> 1.1, >= 1.1.6)
    signet (0.18.0)
      addressable (~> 2.8)
      faraday (>= 0.17.5, < 3.a)
      jwt (>= 1.5, < 3.0)
      multi_json (~> 1.10)
    sinatra (3.1.0)
      mustermann (~> 3.0)
      rack (~> 2.2, >= 2.2.4)
      rack-protection (= 3.1.0)
      tilt (~> 2.0)
    sinatra-activerecord (2.0.27)
      activerecord (>= 4.1)
      sinatra (>= 1.0)
    tilt (2.3.0)
    timeout (0.4.1)
    trailblazer-option (0.1.2)
    tzinfo (2.0.6)
      concurrent-ruby (~> 1.0)
    uber (0.1.0)
    webrick (1.8.1)

PLATFORMS
  x86_64-linux

DEPENDENCIES
  activerecord
  chunky_png
  digest
  google-cloud-storage
  mysql2
  puma
  rufus-scheduler
  sinatra
  sinatra-activerecord

BUNDLED WITH
   2.4.22
